GIT
  remote: https://github.com/scottweaver/logging-facade.git
  revision: 4037c16b57e049892f88db905524891d8e638f03
  specs:
    logging-facade (0.0.1)

GIT
  remote: https://github.com/scottweaver/ruby-sapjco
  revision: 4a41258550466532a8f819f28e7b23a2f245e310
  specs:
    ruby-sapjco (1.5.1)
      haml
      launchy
      logging-facade

GEM
  remote: https://rubygems.org/
  specs:
    addressable (2.4.0)
    ffi (1.9.10-java)
    haml (4.0.7)
      tilt
    launchy (2.4.3-java)
      addressable (~> 2.3)
      spoon (~> 0.0.1)
    spoon (0.0.4)
      ffi
    tilt (2.0.2)

PLATFORMS
  java

DEPENDENCIES
  logging-facade!
  ruby-sapjco!

BUNDLED WITH
   1.11.2
